GEM
  remote: http://rubygems.org/
  specs:
    eventmachine-le (1.1.4)
    foreman (0.60.2)
      thor (>= 0.13.6)
    http_parser.rb (0.5.3)
    preforker (0.1.1)
    rack (1.4.1)
    rack-fiber_pool (0.9.2)
    thin (2.0.0.pre)
      eventmachine-le (~> 1.1.0)
      http_parser.rb (~> 0.5.3)
      preforker (~> 0.1.1)
      rack (~> 1.4)
    thor (0.16.0)

PLATFORMS
  ruby

DEPENDENCIES
  foreman
  rack
  rack-fiber_pool
  thin (~> 2.0.0.pre)
